GEM
  remote: https://rubygems.org/
  specs:
    bacon (1.2.0)
    daemons (1.1.9)
    eventmachine (1.0.4)
    holidapi (0.0.1)
      httparty
      json
    httparty (0.13.3)
      json (~> 1.8)
      multi_xml (>= 0.5.2)
    json (1.8.2)
    multi_xml (0.5.5)
    rack (1.5.2)
    rack-protection (1.5.3)
      rack
    rack-test (0.6.3)
      rack (>= 1.0)
    shotgun (0.9)
      rack (>= 1.0)
    sinatra (1.4.5)
      rack (~> 1.4)
      rack-protection (~> 1.4)
      tilt (~> 1.3, >= 1.3.4)
    sinatra-formhelpers-ng (1.9.0)
      bacon
      rack-test
    slim (3.0.2)
      temple (~> 0.7.3)
      tilt (>= 1.3.3, < 2.1)
    stamp (0.6.0)
    temple (0.7.5)
    thin (1.6.3)
      daemons (~> 1.0, >= 1.0.9)
      eventmachine (~> 1.0)
      rack (~> 1.0)
    tilt (1.4.1)

PLATFORMS
  ruby

DEPENDENCIES
  holidapi
  rack (= 1.5.2)
  shotgun
  sinatra (~> 1.4.5)
  sinatra-formhelpers-ng
  slim
  stamp
  thin
